NUGET
  remote: http://nuget.org/api/v2
  specs:
    Newtonsoft.Json (7.0.1)
    Owin (1.0)
    SecondLanguage (1.0.1)
    Thinktecture.IdentityServer3 (1.6.2)
      Owin (>= 1.0)
